NUGET
  remote: https://nuget.org/api/v2
  specs:
    AutoFixture (3.36.9) - framework: >= net40
    AutoFixture.AutoFakeItEasy (3.36.9) - framework: >= net40
      AutoFixture (>= 3.36.9)
      FakeItEasy (>= 1.7)
    AutoFixture.AutoMoq (3.36.9) - framework: >= net40
      AutoFixture (>= 3.36.9)
      Moq (>= 4.1.1308.2120)
    EntityFramework (6.0.0) - framework: >= net40
    F2F.Sandbox (1.1.0.0)
    FAKE (4.7.2)
    FakeItEasy (1.25.3) - framework: >= net40
    FluentAssertions (3.3.0) - framework: >= net40
    FSharp.Compiler.Service (1.4.0.6)
    FSharp.Formatting (2.12.0)
      FSharp.Compiler.Service (1.4.0.6)
      FSharpVSPowerTools.Core (2.1.0)
    FSharpVSPowerTools.Core (2.1.0)
      FSharp.Compiler.Service (>= 1.4.0.6)
    Microsoft.Bcl (1.1.10)
      Microsoft.Bcl.Build (>= 1.0.14)
    Microsoft.Bcl.Build (1.0.21) - import_targets: false
    Microsoft.Net.Http (2.2.29)
      Microsoft.Bcl (>= 1.1.10)
      Microsoft.Bcl.Build (>= 1.0.14)
    Moq (4.2.1510.2205) - framework: >= net40
    Npgsql (2.2.5)
    NuGet.CommandLine (2.8.6)
    NUnit (2.6.4)
    NUnit.Runners (2.6.4)
    Octokit (0.16.0)
      Microsoft.Net.Http
    SourceLink.Fake (1.1.0)
    xunit.runner.console (2.1.0)
GITHUB
  remote: fsharp/FAKE
  specs:
    modules/Octokit/Octokit.fsx (0cedad490fa06bd072823b2215f3f05cf917a7ba)
      Octokit
GROUP xUnit
NUGET
  remote: https://nuget.org/api/v2
  specs:
    AutoFixture (3.36.9) - framework: >= net40
    AutoFixture.Xunit (3.36.9) - framework: >= net40
      AutoFixture (>= 3.36.9)
      xunit.extensions (>= 1.8.0.1549 < 2.0.0)
    xunit (1.9.2) - framework: >= net40
    xunit.extensions (1.9.2) - framework: >= net40
      xunit (1.9.2)

GROUP xUnit2
NUGET
  remote: https://nuget.org/api/v2
  specs:
    AutoFixture (3.36.9) - framework: >= net45
    AutoFixture.AutoFakeItEasy (3.36.9) - framework: >= net45
      AutoFixture (>= 3.36.9)
      FakeItEasy (>= 1.7)
    AutoFixture.AutoMoq (3.36.9) - framework: >= net45
      AutoFixture (>= 3.36.9)
      Moq (>= 4.1.1308.2120)
    AutoFixture.Xunit2 (3.36.9) - framework: >= net45
      AutoFixture (>= 3.36.9)
      xunit.core (>= 2.0 < 3.0)
    FakeItEasy (1.25.3) - framework: >= net45
    Moq (4.2.1510.2205) - framework: >= net45
    xunit (2.1.0) - framework: >= net45
      xunit.assert (2.1.0)
      xunit.core (2.1.0)
    xunit.abstractions (2.0.0) - framework: >= net45
    xunit.assert (2.1.0) - framework: >= net45
    xunit.core (2.1.0) - framework: >= net45
      xunit.extensibility.core (2.1.0) - framework: dnx451, dnxcore50, monoandroid, monotouch, xamarinios, winv4.5, wpv8.0, portable-net45+win80+wp80+wpa81, >= net45
      xunit.extensibility.execution (2.1.0) - framework: dnx451, dnxcore50, monoandroid, monotouch, xamarinios, winv4.5, wpv8.0, portable-net45+win80+wp80+wpa81, >= net45
    xunit.extensibility.core (2.1.0) - framework: >= net45
      xunit.abstractions (2.0.0)
    xunit.extensibility.execution (2.1.0) - framework: >= net45
      xunit.extensibility.core (2.1.0) - framework: dnx451, dnxcore50, monoandroid, monotouch, xamarinios, winv4.5, wpv8.0, >= net45
